GEM
  remote: https://rubygems.org/
  specs:
    concurrent-ruby (1.0.5)
    minitar (0.6.1)

PLATFORMS
  ruby

DEPENDENCIES
  concurrent-ruby
  minitar

BUNDLED WITH
   1.14.6
